GEM
  remote: https://rubygems.org/
  specs:
    Ascii85 (1.0.3)
    addressable (2.8.0)
      public_suffix (>= 2.0.2, < 5.0)
    afm (0.2.2)
    asciidoctor (1.5.8)
    asciidoctor-diagram (1.5.13)
      asciidoctor (~> 1.5.0)
    asciidoctor-pdf (1.5.0.alpha.16)
      asciidoctor (>= 1.5.0)
      prawn (>= 1.3.0, < 2.3.0)
      prawn-icon (= 1.3.0)
      prawn-svg (>= 0.21.0, < 0.28.0)
      prawn-table (= 0.2.2)
      prawn-templates (>= 0.0.3, <= 0.1.1)
      safe_yaml (~> 1.0.4)
      thread_safe (~> 0.3.6)
      treetop (= 1.5.3)
    asciidoctor-pdf-cjk (0.1.3)
      asciidoctor-pdf (~> 1.5.0.alpha.8)
    coderay (1.1.2)
    concurrent-ruby (1.1.4)
    css_parser (1.6.0)
      addressable
    hashery (2.1.2)
    minitest (5.11.3)
    multi_json (1.15.0)
    mustermann (1.1.1)
      ruby2_keywords (~> 0.0.1)
    nio4r (2.5.8)
    pdf-core (0.7.0)
    pdf-reader (2.2.0)
      Ascii85 (~> 1.0.0)
      afm (~> 0.2.1)
      hashery (~> 2.0)
      ruby-rc4
      ttfunk
    polyglot (0.3.5)
    prawn (2.2.2)
      pdf-core (~> 0.7.0)
      ttfunk (~> 1.5)
    prawn-icon (1.3.0)
      prawn (>= 1.1.0, < 3.0.0)
    prawn-svg (0.27.1)
      css_parser (~> 1.3)
      prawn (>= 0.11.1, < 3)
    prawn-table (0.2.2)
      prawn (>= 1.3.0, < 3.0.0)
    prawn-templates (0.1.1)
      pdf-reader (~> 2.0)
      prawn (~> 2.2)
    public_suffix (4.0.6)
    puma (4.3.12)
      nio4r (~> 2.0)
    rack (2.2.3)
    rack-protection (2.2.0)
      rack
    rack-test (1.1.0)
      rack (>= 1.0, < 3)
    ruby-rc4 (0.1.5)
    ruby2_keywords (0.0.5)
    rubyzip (1.3.0)
    safe_yaml (1.0.4)
    sinatra (2.2.0)
      mustermann (~> 1.0)
      rack (~> 2.2)
      rack-protection (= 2.2.0)
      tilt (~> 2.0)
    sinatra-contrib (2.2.0)
      multi_json
      mustermann (~> 1.0)
      rack-protection (= 2.2.0)
      sinatra (= 2.2.0)
      tilt (~> 2.0)
    thread_safe (0.3.6)
    tilt (2.0.10)
    treetop (1.5.3)
      polyglot (~> 0.3)
    ttfunk (1.5.1)

PLATFORMS
  ruby

DEPENDENCIES
  asciidoctor
  asciidoctor-diagram
  asciidoctor-pdf
  asciidoctor-pdf-cjk
  coderay
  concurrent-ruby
  minitest
  puma
  rack-test
  rubyzip
  sinatra
  sinatra-contrib

RUBY VERSION
   ruby 2.5.3p105

BUNDLED WITH
   1.15.2
